PATH
  remote: .
  specs:
    consul_syncer (1.2.1)
      faraday

GEM
  remote: https://rubygems.org/
  specs:
    addressable (2.8.0)
      public_suffix (>= 2.0.2, < 5.0)
    bump (0.10.0)
    crack (0.4.5)
      rexml
    faraday (1.7.2)
      faraday-em_http (~> 1.0)
      faraday-em_synchrony (~> 1.0)
      faraday-excon (~> 1.1)
      faraday-httpclient (~> 1.0.1)
      faraday-net_http (~> 1.0)
      faraday-net_http_persistent (~> 1.1)
      faraday-patron (~> 1.0)
      faraday-rack (~> 1.0)
      multipart-post (>= 1.2, < 3)
      ruby2_keywords (>= 0.0.4)
    faraday-em_http (1.0.0)
    faraday-em_synchrony (1.0.0)
    faraday-excon (1.1.0)
    faraday-httpclient (1.0.1)
    faraday-net_http (1.0.1)
    faraday-net_http_persistent (1.2.0)
    faraday-patron (1.0.0)
    faraday-rack (1.0.0)
    hashdiff (1.0.1)
    maxitest (4.0.0)
      minitest (>= 5.0.0, < 5.15.0)
    minitest (5.14.4)
    mocha (1.13.0)
    multipart-post (2.1.1)
    public_suffix (4.0.6)
    rake (13.0.6)
    rexml (3.2.5)
    ruby2_keywords (0.0.5)
    single_cov (1.6.0)
    webmock (3.3.0)
      addressable (>= 2.3.6)
      crack (>= 0.3.2)
      hashdiff

PLATFORMS
  ruby

DEPENDENCIES
  bump
  consul_syncer!
  maxitest
  mocha
  rake
  single_cov
  webmock (~> 3.3.0)

BUNDLED WITH
   2.1.4
