PATH
  remote: .
  specs:
    consul_syncer (1.1.0)
      faraday

GEM
  remote: https://rubygems.org/
  specs:
    addressable (2.5.2)
      public_suffix (>= 2.0.2, < 4.0)
    bump (0.6.0)
    crack (0.4.3)
      safe_yaml (~> 1.0.0)
    faraday (1.4.3)
      faraday-em_http (~> 1.0)
      faraday-em_synchrony (~> 1.0)
      faraday-excon (~> 1.1)
      faraday-net_http (~> 1.0)
      faraday-net_http_persistent (~> 1.1)
      multipart-post (>= 1.2, < 3)
      ruby2_keywords (>= 0.0.4)
    faraday-em_http (1.0.0)
    faraday-em_synchrony (1.0.0)
    faraday-excon (1.1.0)
    faraday-net_http (1.0.1)
    faraday-net_http_persistent (1.1.0)
    hashdiff (0.3.7)
    maxitest (2.8.0)
      minitest (>= 5.0.0, < 5.12.0)
    minitest (5.11.3)
    mocha (1.11.2)
    multipart-post (2.1.1)
    public_suffix (3.0.2)
    rake (13.0.1)
    ruby2_keywords (0.0.4)
    safe_yaml (1.0.4)
    single_cov (1.0.1)
    webmock (3.3.0)
      addressable (>= 2.3.6)
      crack (>= 0.3.2)
      hashdiff

PLATFORMS
  ruby

DEPENDENCIES
  bump
  consul_syncer!
  maxitest
  mocha
  rake
  single_cov
  webmock

BUNDLED WITH
   2.1.4
